GEM
  remote: https://rubygems.org/
  specs:
    rack (2.1.4)
    webrick (1.7.0)

PLATFORMS
  x86_64-darwin-20
  x86_64-linux

DEPENDENCIES
  rack (~> 2.1.4)
  webrick

RUBY VERSION
   ruby 3.0.1p64

BUNDLED WITH
   2.2.17
