GEM
  remote: https://rubygems.org/
  specs:
    backports (3.21.0)
    erubis (2.7.0)
    multi_json (1.15.0)
    nio4r (2.5.7)
    puma (5.3.2)
      nio4r (~> 2.0)
    rack (1.6.13)
    rack-protection (1.5.5)
      rack
    rack-test (1.1.0)
      rack (>= 1.0, < 3)
    sinatra (1.4.8)
      rack (~> 1.5)
      rack-protection (~> 1.4)
      tilt (>= 1.3, < 3)
    sinatra-contrib (1.4.7)
      backports (>= 2.0)
      multi_json
      rack-protection
      rack-test
      sinatra (~> 1.4.0)
      tilt (>= 1.3, < 3)
    tilt (2.0.10)
    webrick (1.7.0)

PLATFORMS
  x86_64-darwin-20

DEPENDENCIES
  erubis
  puma
  sinatra (~> 1.4.7)
  sinatra-contrib
  webrick

RUBY VERSION
   ruby 3.0.1p64

BUNDLED WITH
   2.2.17
